GEM
  remote: http://rubygems.org/
  specs:
    capybara (1.0.0)
      mime-types (>= 1.16)
      nokogiri (>= 1.3.3)
      rack (>= 1.0.0)
      rack-test (>= 0.5.4)
      selenium-webdriver (~> 0.2.0)
      xpath (~> 0.1.4)
    childprocess (0.1.9)
      ffi (~> 1.0.6)
    coulda (0.6.1)
    factory_girl (1.3.2)
    ffi (1.0.9)
    git (1.2.5)
    jeweler (1.5.1)
      bundler (~> 1.0.0)
      git (>= 1.2.5)
      rake
    json (1.4.6)
    json_pure (1.5.2)
    mime-types (1.16)
    nokogiri (1.4.5)
    rack (1.3.0)
    rack-test (0.6.0)
      rack (>= 1.0)
    rake (0.8.7)
    rubyzip (0.9.4)
    selenium-webdriver (0.2.1)
      childprocess (>= 0.1.7)
      ffi (>= 1.0.7)
      json_pure
      rubyzip
    shoulda (2.11.3)
    xpath (0.1.4)
      nokogiri (~> 1.3)
    yard (0.6.3)

PLATFORMS
  ruby

DEPENDENCIES
  bundler (~> 1.0.0)
  capybara (~> 1.0.0)
  coulda (~> 0.6.0)
  factory_girl (~> 1.3.2)
  jeweler (~> 1.5.1)
  json (~> 1.4.6)
  shoulda
  yard (~> 0.6.0)
